PATH
  remote: .
  specs:
    error_response (0.0.1)

GEM
  remote: https://rubygems.org/
  specs:
    settingslogic (2.0.9)

PLATFORMS
  ruby

DEPENDENCIES
  error_response!
  settingslogic

BUNDLED WITH
   1.17.3
