PATH
  remote: .
  specs:
    error_response (0.2.6)

GEM
  remote: https://rubygems.org/
  specs:

PLATFORMS
  ruby

DEPENDENCIES
  error_response!

BUNDLED WITH
   1.17.3
