PATH
  remote: .
  specs:
    error_response (0.1.0)

GEM
  remote: https://rubygems.org/
  specs:

PLATFORMS
  ruby

DEPENDENCIES
  error_response!

BUNDLED WITH
   1.17.3
